PATH
  remote: .
  specs:
    httpray (1.1.2)

GEM
  remote: https://rubygems.org/
  specs:

PLATFORMS
  ruby

DEPENDENCIES
  httpray!

BUNDLED WITH
   1.13.6
